GEM
  remote: https://rubygems.org/
  specs:
    concurrent-ruby (1.1.10)
    dotenv (2.2.1)
    hash_diff (1.0.0)
    httparty (0.15.5)
      multi_xml (>= 0.5.2)
    jwt (2.3.0)
    multi_xml (0.6.0)
    mustermann (1.1.1)
      ruby2_keywords (~> 0.0.1)
    oj (3.13.13)
    openssl (3.0.0)
    rack (2.2.6.4)
    rack-protection (2.2.0)
      rack
    ruby2_keywords (0.0.5)
    securerandom (0.2.0)
    shopify_api (10.1.0)
      concurrent-ruby
      hash_diff
      httparty
      jwt
      oj
      openssl
      securerandom
      sorbet-runtime
      zeitwerk (~> 2.5)
    sinatra (2.2.0)
      mustermann (~> 1.0)
      rack (~> 2.2)
      rack-protection (= 2.2.0)
      tilt (~> 2.0)
    sorbet-runtime (0.5.10037)
    tilt (2.0.10)
    zeitwerk (2.5.4)

PLATFORMS
  ruby

DEPENDENCIES
  dotenv
  httparty
  shopify_api
  sinatra

BUNDLED WITH
   2.1.4
